GEM
  remote: https://rubygems.org/
  specs:
    byebug (11.0.1)
    coderay (1.1.2)
    hashie (4.0.0)
    irb (1.1.0)
      reline (>= 0.0.1)
    method_source (0.9.2)
    monkey-hash (1.0.6)
      msgpack
    msgpack (1.3.1)
    pry (0.12.2)
      coderay (~> 1.1.0)
      method_source (~> 0.9.0)
    pry-byebug (3.7.0)
      byebug (~> 11.0)
      pry (~> 0.10)
    reline (0.0.7)

PLATFORMS
  ruby

DEPENDENCIES
  hashie
  irb
  monkey-hash
  pry
  pry-byebug

BUNDLED WITH
   2.0.2
