GIT
  remote: git@gitlab.sudo.su:amqp-lib/monkey_patches.git
  revision: 0b46c338a1ff372fad63099ffa4725ef8d472a73
  specs:
    monkey_patches (1.0.1)
      msgpack

GEM
  remote: https://rubygems.org/
  specs:
    byebug (11.0.1)
    coderay (1.1.2)
    hashie (4.0.0)
    irb (1.1.0)
      reline (>= 0.0.1)
    method_source (0.9.2)
    msgpack (1.3.1)
    pry (0.12.2)
      coderay (~> 1.1.0)
      method_source (~> 0.9.0)
    pry-byebug (3.7.0)
      byebug (~> 11.0)
      pry (~> 0.10)
    reline (0.0.7)

PLATFORMS
  ruby

DEPENDENCIES
  hashie
  irb
  monkey_patches!
  pry
  pry-byebug

BUNDLED WITH
   2.0.2
